PATH
  remote: .
  specs:
    urlybird (0.0.4)
      addressable (>= 2.2.7)

GEM
  remote: https://rubygems.org/
  specs:
    addressable (2.8.1)
      public_suffix (>= 2.0.2, < 6.0)
    diff-lcs (1.2.5)
    docile (1.1.5)
    multi_json (1.10.1)
    public_suffix (5.0.0)
    rspec (3.0.0)
      rspec-core (~> 3.0.0)
      rspec-expectations (~> 3.0.0)
      rspec-mocks (~> 3.0.0)
    rspec-core (3.0.4)
      rspec-support (~> 3.0.0)
    rspec-expectations (3.0.4)
      diff-lcs (>= 1.2.0, < 2.0)
      rspec-support (~> 3.0.0)
    rspec-mocks (3.0.4)
      rspec-support (~> 3.0.0)
    rspec-support (3.0.4)
    simplecov (0.9.0)
      docile (~> 1.1.0)
      multi_json
      simplecov-html (~> 0.8.0)
    simplecov-html (0.8.0)

PLATFORMS
  ruby

DEPENDENCIES
  rspec (>= 2.8.0)
  simplecov
  urlybird!
